GEM
  remote: https://rubygems.org/
  specs:
    builder (3.2.2)
    chunky_png (1.3.3)
    oily_png (1.2.0)
      chunky_png (~> 1.3.1)
    rack (1.5.2)
    rack-protection (1.5.3)
      rack
    sinatra (1.4.5)
      rack (~> 1.4)
      rack-protection (~> 1.4)
      tilt (~> 1.3, >= 1.3.4)
    tilt (1.4.1)

PLATFORMS
  ruby

DEPENDENCIES
  builder
  chunky_png
  oily_png
  sinatra
