GEM
  remote: https://rubygems.org/
  specs:
    builder (3.2.2)
    chunky_png (1.3.3)
    oily_png (1.2.0)
      chunky_png (~> 1.3.1)

PLATFORMS
  ruby

DEPENDENCIES
  builder
  chunky_png
  oily_png
